NUGET
  remote: http://www.nuget.org/api/v2
    Gu.Units (0.9)
    Gu.Units.Json (0.9)
      Gu.Units (>= 0.9)
      Newtonsoft.Json
    JetBrains.Annotations (10.1.4)
      System.Runtime (>= 4.0) - framework: dnxcore50
    Newtonsoft.Json (8.0.3)
    NUnit (2.6.4)
    StyleCop.Analyzers (1.0)
    System.Private.Uri (4.0) - framework: dnxcore50
    System.Runtime (4.0.20) - framework: dnxcore50
      System.Private.Uri (>= 4.0) - framework: dnxcore50
