NUGET
  remote: http://www.nuget.org/api/v2
  specs:
    JetBrains.Annotations (10.0.0)
    Newtonsoft.Json (8.0.3)
    NUnit (2.6.4)
    StyleCop.Analyzers (1.0.0)
